GEM
  remote: https://rubygems.org/
  specs:
    minitest (5.5.0)
    rake (10.4.0)

PLATFORMS
  ruby

DEPENDENCIES
  minitest
  rake
